GEM
  remote: https://rubygems.org/
  specs:
    memoizable (0.4.2)
      thread_safe (~> 0.3, >= 0.3.1)
    thread_safe (0.3.5)

PLATFORMS
  ruby

DEPENDENCIES
  memoizable

BUNDLED WITH
   1.11.2
